PATH
  remote: .
  specs:
    netverify (0.0.1)
      faraday
      rails (~> 4.1.0.rc1)
      uuid

GEM
  remote: https://rubygems.org/
  specs:
    actionmailer (4.1.0.rc1)
      actionpack (= 4.1.0.rc1)
      actionview (= 4.1.0.rc1)
      mail (~> 2.5.4)
    actionpack (4.1.0.rc1)
      actionview (= 4.1.0.rc1)
      activesupport (= 4.1.0.rc1)
      rack (~> 1.5.2)
      rack-test (~> 0.6.2)
    actionview (4.1.0.rc1)
      activesupport (= 4.1.0.rc1)
      builder (~> 3.1)
      erubis (~> 2.7.0)
    activemodel (4.1.0.rc1)
      activesupport (= 4.1.0.rc1)
      builder (~> 3.1)
    activerecord (4.1.0.rc1)
      activemodel (= 4.1.0.rc1)
      activesupport (= 4.1.0.rc1)
      arel (~> 5.0.0)
    activesupport (4.1.0.rc1)
      i18n (~> 0.6, >= 0.6.9)
      json (~> 1.7, >= 1.7.7)
      minitest (~> 5.1)
      thread_safe (~> 0.1)
      tzinfo (~> 1.1)
    addressable (2.8.1)
      public_suffix (>= 2.0.2, < 6.0)
    arel (5.0.0)
    atomic (1.1.15)
    builder (3.2.2)
    crack (0.4.2)
      safe_yaml (~> 1.0.0)
    diff-lcs (1.2.5)
    docile (1.1.3)
    erubis (2.7.0)
    factory_girl (4.4.0)
      activesupport (>= 3.0.0)
    factory_girl_rails (4.4.1)
      factory_girl (~> 4.4.0)
      railties (>= 3.0.0)
    faraday (0.9.0)
      multipart-post (>= 1.2, < 3)
    hike (1.2.3)
    i18n (0.6.9)
    json (1.8.1)
    macaddr (1.6.7)
      systemu (~> 2.6.2)
    mail (2.5.4)
      mime-types (~> 1.16)
      treetop (~> 1.4.8)
    mime-types (1.25.1)
    minitest (5.3.0)
    multi_json (1.9.0)
    multipart-post (2.0.0)
    pg (0.17.1)
    polyglot (0.3.4)
    public_suffix (5.0.0)
    rack (1.5.2)
    rack-test (0.6.2)
      rack (>= 1.0)
    rails (4.1.0.rc1)
      actionmailer (= 4.1.0.rc1)
      actionpack (= 4.1.0.rc1)
      actionview (= 4.1.0.rc1)
      activemodel (= 4.1.0.rc1)
      activerecord (= 4.1.0.rc1)
      activesupport (= 4.1.0.rc1)
      bundler (>= 1.3.0, < 2.0)
      railties (= 4.1.0.rc1)
      sprockets-rails (~> 2.0.0)
    railties (4.1.0.rc1)
      actionpack (= 4.1.0.rc1)
      activesupport (= 4.1.0.rc1)
      rake (>= 0.8.7)
      thor (>= 0.18.1, < 2.0)
    rake (10.1.1)
    rspec-core (2.14.8)
    rspec-expectations (2.14.5)
      diff-lcs (>= 1.1.3, < 2.0)
    rspec-mocks (2.14.6)
    rspec-rails (2.14.1)
      actionpack (>= 3.0)
      activemodel (>= 3.0)
      activesupport (>= 3.0)
      railties (>= 3.0)
      rspec-core (~> 2.14.0)
      rspec-expectations (~> 2.14.0)
      rspec-mocks (~> 2.14.0)
    safe_yaml (1.0.1)
    simplecov (0.8.2)
      docile (~> 1.1.0)
      multi_json
      simplecov-html (~> 0.8.0)
    simplecov-html (0.8.0)
    sprockets (2.12.0)
      hike (~> 1.2)
      multi_json (~> 1.0)
      rack (~> 1.0)
      tilt (~> 1.1, != 1.3.0)
    sprockets-rails (2.0.1)
      actionpack (>= 3.0)
      activesupport (>= 3.0)
      sprockets (~> 2.8)
    systemu (2.6.4)
    thor (0.18.1)
    thread_safe (0.2.0)
      atomic (>= 1.1.7, < 2)
    tilt (1.4.1)
    treetop (1.4.15)
      polyglot
      polyglot (>= 0.3.1)
    tzinfo (1.1.0)
      thread_safe (~> 0.1)
    uuid (2.3.7)
      macaddr (~> 1.0)
    webmock (1.17.4)
      addressable (>= 2.2.7)
      crack (>= 0.3.2)

PLATFORMS
  ruby

DEPENDENCIES
  factory_girl_rails
  netverify!
  pg
  rspec-rails
  simplecov
  webmock
